GEM
  remote: http://rubygems.org/
  specs:
    alsa-rawmidi (0.2.14)
      ffi (>= 1.0)
    ffi (1.9.3)
    ffi-coremidi (0.2.0)
      ffi (>= 1.0)
    midi-jruby (0.0.12)
    midi-winmm (0.1.10)
      ffi (>= 1.0)
    rack (1.5.2)
    rack-protection (1.5.3)
      rack
    sinatra (1.4.5)
      rack (~> 1.4)
      rack-protection (~> 1.4)
      tilt (~> 1.3, >= 1.3.4)
    tilt (1.4.1)
    unimidi (0.3.5)
      alsa-rawmidi (~> 0)
      ffi-coremidi (~> 0)
      midi-jruby (~> 0)
      midi-winmm (~> 0)

PLATFORMS
  ruby

DEPENDENCIES
  sinatra
  unimidi
